GEM
  remote: http://rubygems.org/
  specs:
    POpen4 (0.1.4)
      Platform (>= 0.4.0)
      open4
    Platform (0.4.0)
    coffee-script (2.2.0)
      coffee-script-source
      execjs
    coffee-script-source (1.6.3)
    eco (1.0.0)
      coffee-script
      eco-source
      execjs
    eco-source (1.1.0.rc.1)
    execjs (2.0.2)
    hike (1.2.3)
    multi_json (1.8.2)
    open4 (1.3.0)
    rack (1.4.5)
    rake (10.1.0)
    sass (3.1.21)
    sprockets (2.4.5)
      hike (~> 1.2)
      multi_json (~> 1.0)
      rack (~> 1.0)
      tilt (~> 1.1, != 1.3.0)
    tilt (1.4.1)
    uglifier (1.2.7)
      execjs (>= 0.3.0)
      multi_json (~> 1.3)
    yui-compressor (0.9.6)
      POpen4 (>= 0.1.4)

PLATFORMS
  ruby

DEPENDENCIES
  coffee-script (~> 2.2.0)
  eco (~> 1.0.0)
  rack (~> 1.4.1)
  rake
  sass (~> 3.1.15)
  sprockets (~> 2.4.0)
  uglifier (~> 1.2.4)
  yui-compressor (~> 0.9.6)
